PATH
  remote: .
  specs:
    invoca-metrics (1.8.0)
      activesupport (>= 4.2, < 7)
      statsd-ruby (~> 1.2.1)

GEM
  remote: https://rubygems.org/
  specs:
    activesupport (6.0.3)
      concurrent-ruby (~> 1.0, >= 1.0.2)
      i18n (>= 0.7, < 2)
      minitest (~> 5.1)
      tzinfo (~> 1.1)
      zeitwerk (~> 2.2, >= 2.2.2)
    appraisal (2.3.0)
      bundler
      rake
      thor (>= 0.14.0)
    coderay (1.1.2)
    concurrent-ruby (1.1.6)
    diff-lcs (1.3)
    file-tail (1.2.0)
      tins (~> 1.0)
    i18n (1.8.2)
      concurrent-ruby (~> 1.0)
    method_source (1.0.0)
    minitest (5.14.0)
    pry (0.13.1)
      coderay (~> 1.1)
      method_source (~> 1.0)
    rake (13.0.1)
    rspec (3.9.0)
      rspec-core (~> 3.9.0)
      rspec-expectations (~> 3.9.0)
      rspec-mocks (~> 3.9.0)
    rspec-core (3.9.1)
      rspec-support (~> 3.9.1)
    rspec-expectations (3.9.0)
      diff-lcs (>= 1.2.0, < 2.0)
      rspec-support (~> 3.9.0)
    rspec-mocks (3.9.1)
      diff-lcs (>= 1.2.0, < 2.0)
      rspec-support (~> 3.9.0)
    rspec-support (3.9.2)
    rspec_junit_formatter (0.4.1)
      rspec-core (>= 2, < 4, != 2.12.0)
    ruby-prof (1.4.1)
    ruby2ruby (2.4.4)
      ruby_parser (~> 3.1)
      sexp_processor (~> 4.6)
    ruby_parser (3.14.2)
      sexp_processor (~> 4.9)
    sexp_processor (4.14.1)
    sourcify (0.5.0)
      file-tail (>= 1.0.5)
      ruby2ruby (>= 1.2.5)
      ruby_parser (>= 2.0.5)
      sexp_processor (>= 3.0.5)
    statsd-ruby (1.2.1)
    sync (0.5.0)
    thor (1.0.1)
    thread_safe (0.3.6)
    tins (1.24.1)
      sync
    tzinfo (1.2.7)
      thread_safe (~> 0.1)
    zeitwerk (2.3.0)

PLATFORMS
  ruby

DEPENDENCIES
  appraisal
  invoca-metrics!
  pry
  rake
  rspec
  rspec_junit_formatter
  ruby-prof
  sourcify

BUNDLED WITH
   1.17.2
